PATH
  remote: .
  specs:
    havenondemand (1.1.1)
      httparty
      unirest

GEM
  remote: https://rubygems.org/
  specs:
    addressable (2.3.8)
    httparty (0.13.7)
      json (~> 1.8)
      multi_xml (>= 0.5.2)
    json (1.8.3)
    mime-types (1.25.1)
    multi_xml (0.5.5)
    rake (10.4.2)
    rest-client (1.6.9)
      mime-types (~> 1.16)
    unirest (1.1.2)
      addressable (~> 2.3.5)
      json (~> 1.8.1)
      rest-client (~> 1.6.7)

PLATFORMS
  ruby

DEPENDENCIES
  bundler (~> 1.7)
  havenondemand!
  rake (~> 10.0)
